GEM
  remote: http://rubygems.org/
  specs:
    ZenTest (4.6.1)
    activemodel (3.0.9)
      activesupport (= 3.0.9)
      builder (~> 2.1.2)
      i18n (~> 0.5.0)
    activesupport (3.0.9)
    autotest (4.4.6)
      ZenTest (>= 4.4.1)
    autotest-inotify (0.0.6)
      autotest (>= 4.2.4)
      rb-inotify
    bson (1.4.0)
    bson_ext (1.3.1)
    builder (2.1.2)
    cgi_fast_escape (2009.06.24)
      url_escape
    diff-lcs (1.1.2)
    ffi (1.0.9)
    haml (3.1.2)
    i18n (0.5.0)
    json (1.5.3)
    mongo (1.3.1)
      bson (>= 1.3.1)
    mongo_mapper (0.9.1)
      activemodel (~> 3.0)
      activesupport (~> 3.0)
      plucky (~> 0.3.8)
    notifier (0.1.3)
    plucky (0.3.8)
      mongo (~> 1.3)
    rack (1.3.5)
    rack-test (0.6.1)
      rack (>= 1.0)
    rb-inotify (0.8.6)
      ffi (>= 0.5.0)
    rspec (2.6.0)
      rspec-core (~> 2.6.0)
      rspec-expectations (~> 2.6.0)
      rspec-mocks (~> 2.6.0)
    rspec-core (2.6.4)
    rspec-expectations (2.6.0)
      diff-lcs (~> 1.1.2)
    rspec-mocks (2.6.0)
    sass (3.1.7)
    shotgun (0.9)
      rack (>= 1.0)
    sinatra (1.2.6)
      rack (~> 1.1)
      tilt (< 2.0, >= 1.2.2)
    test_notifier (0.4.0)
      notifier
    tilt (1.3.3)
    url_escape (2009.06.24)

PLATFORMS
  ruby

DEPENDENCIES
  autotest
  autotest-inotify
  bson_ext
  cgi_fast_escape
  haml
  json
  mongo
  mongo_mapper
  rack-test
  rspec
  sass
  shotgun
  sinatra
  test_notifier
